GEM
  remote: http://rubygems.org/
  specs:
    actionmailer (2.3.11)
      actionpack (= 2.3.11)
    actionpack (2.3.11)
      activesupport (= 2.3.11)
      rack (~> 1.1.0)
    activerecord (2.3.11)
      activesupport (= 2.3.11)
    activeresource (2.3.11)
      activesupport (= 2.3.11)
    activesupport (2.3.11)
    crack (0.1.4)
    factory_girl (1.3.3)
    haml (3.0.25)
    hoe (2.9.1)
      rake (>= 0.8.7)
    httparty (0.4.3)
      crack (>= 0.1.1)
    mash (0.0.3)
      hoe (>= 1.5.1)
    mocha (0.9.12)
    oauth (0.3.5)
      ruby-hmac (>= 0.3.1)
    rack (1.1.2)
    rails (2.3.11)
      actionmailer (= 2.3.11)
      actionpack (= 2.3.11)
      activerecord (= 2.3.11)
      activeresource (= 2.3.11)
      activesupport (= 2.3.11)
      rake (>= 0.8.3)
    rake (0.8.7)
    redgreen (1.2.2)
    ruby-hmac (0.4.0)
    sqlite3 (1.3.3)
    twitter (0.7.3)
      httparty (~> 0.4.3)
      mash (~> 0.0.3)
      oauth (~> 0.3.5)
    will_paginate (2.3.15)

PLATFORMS
  ruby

DEPENDENCIES
  crack (= 0.1.4)
  factory_girl
  haml (= 3.0.25)
  httparty (= 0.4.3)
  mash (= 0.0.3)
  mocha
  oauth (= 0.3.5)
  rails (= 2.3.11)
  redgreen
  sqlite3
  twitter (= 0.7.3)
  will_paginate (= 2.3.15)
