GEM
  remote: http://rubygems.org/
  specs:
    actionmailer (2.3.12)
      actionpack (= 2.3.12)
    actionpack (2.3.12)
      activesupport (= 2.3.12)
      rack (~> 1.1.0)
    activerecord (2.3.12)
      activesupport (= 2.3.12)
    activeresource (2.3.12)
      activesupport (= 2.3.12)
    activesupport (2.3.12)
    crack (0.1.8)
    factory_girl (1.3.3)
    haml (3.1.2)
    httparty (0.4.3)
      crack (>= 0.1.1)
    mash (0.0.6)
    mocha (0.9.12)
    oauth (0.3.5)
      ruby-hmac (>= 0.3.1)
    pg (0.11.0)
    rack (1.1.2)
    rails (2.3.12)
      actionmailer (= 2.3.12)
      actionpack (= 2.3.12)
      activerecord (= 2.3.12)
      activeresource (= 2.3.12)
      activesupport (= 2.3.12)
      rake (>= 0.8.3)
    rake (0.9.2)
    rdoc (2.4.3)
    redgreen (1.2.2)
    ruby-hmac (0.4.0)
    twitter (0.7.3)
      httparty (~> 0.4.3)
      mash (~> 0.0.3)
      oauth (~> 0.3.5)

PLATFORMS
  ruby

DEPENDENCIES
  crack (= 0.1.8)
  factory_girl
  haml (= 3.1.2)
  httparty (= 0.4.3)
  mash (= 0.0.6)
  mocha
  oauth (= 0.3.5)
  pg
  rails (= 2.3.12)
  rdoc (= 2.4.3)
  redgreen
  twitter (= 0.7.3)
