GEM
  remote: http://rubygems.org/
  specs:
    actionmailer (2.3.12)
      actionpack (= 2.3.12)
    actionpack (2.3.12)
      activesupport (= 2.3.12)
      rack (~> 1.1.0)
    activerecord (2.3.12)
      activesupport (= 2.3.12)
    activeresource (2.3.12)
      activesupport (= 2.3.12)
    activesupport (2.3.12)
    addressable (2.2.6)
    crack (0.1.8)
    erubis (2.7.0)
    factory_girl (1.3.3)
    fake_arel (0.9.9)
      activerecord (>= 2.3.5)
    faraday (0.6.1)
      addressable (~> 2.2.4)
      multipart-post (~> 1.1.0)
      rack (< 2, >= 1.1.0)
    faraday_middleware (0.6.3)
      faraday (~> 0.6.0)
    haml (3.1.2)
    hashie (1.0.0)
    httparty (0.7.8)
      crack (= 0.1.8)
    mash (0.1.1)
    mocha (0.9.12)
    multi_json (1.0.3)
    multi_xml (0.2.2)
    multipart-post (1.1.2)
    oauth (0.4.4)
    pg (0.11.0)
    rack (1.1.2)
    rails (2.3.12)
      actionmailer (= 2.3.12)
      actionpack (= 2.3.12)
      activerecord (= 2.3.12)
      activeresource (= 2.3.12)
      activesupport (= 2.3.12)
      rake (>= 0.8.3)
    rails_xss (0.1.3)
    rake (0.9.2)
    rash (0.3.0)
      hashie (~> 1.0.0)
    rdoc (2.4.3)
    redgreen (1.2.2)
    simple_oauth (0.1.5)
    twitter (1.5.0)
      faraday (~> 0.6.1)
      faraday_middleware (~> 0.6.3)
      hashie (~> 1.0.0)
      multi_json (~> 1.0.0)
      multi_xml (~> 0.2.0)
      rash (~> 0.3.0)
      simple_oauth (~> 0.1.5)

PLATFORMS
  ruby

DEPENDENCIES
  crack (= 0.1.8)
  erubis
  factory_girl
  fake_arel
  haml (= 3.1.2)
  httparty (~> 0.7.8)
  mash (= 0.1.1)
  mocha
  oauth (= 0.4.4)
  pg
  rails (= 2.3.12)
  rails_xss
  rdoc (= 2.4.3)
  redgreen
  twitter (~> 1.5.0)
